GIT
  remote: git://github.com/cavalle/steak.git
  revision: 86331782937ee379e14e02a0d313774a0391dab4
  specs:
    steak (1.0.0.beta.2)
      rspec

GIT
  remote: git://github.com/jnicklas/capybara.git
  revision: 89d00c4f0801a1d00f57c4bedb81c23b888e18df
  specs:
    capybara (0.3.9)
      celerity (>= 0.7.9)
      culerity (>= 0.2.4)
      mime-types (>= 1.16)
      nokogiri (>= 1.3.3)
      rack (>= 1.0.0)
      rack-test (>= 0.5.4)
      selenium-webdriver (>= 0.0.27)
      xpath (~> 0.1.2)

GEM
  remote: http://rubygems.org/
  specs:
    celerity (0.8.2)
    childprocess (0.0.7)
      ffi (~> 0.6.3)
    configuration (1.1.0)
    culerity (0.2.12)
    diff-lcs (1.1.2)
    ffi (0.6.3)
      rake (>= 0.8.7)
    json_pure (1.4.6)
    launchy (0.3.7)
      configuration (>= 0.0.5)
      rake (>= 0.8.1)
    mime-types (1.16)
    nokogiri (1.4.3.1)
    rack (1.2.1)
    rack-test (0.5.6)
      rack (>= 1.0)
    rake (0.8.7)
    rcov (0.9.9)
    rr (1.0.0)
    rspec (2.0.0)
      rspec-core (= 2.0.0)
      rspec-expectations (= 2.0.0)
      rspec-mocks (= 2.0.0)
    rspec-core (2.0.0)
    rspec-expectations (2.0.0)
      diff-lcs (>= 1.1.2)
    rspec-mocks (2.0.0)
      rspec-core (= 2.0.0)
      rspec-expectations (= 2.0.0)
    rubyzip (0.9.4)
    selenium-webdriver (0.0.29)
      childprocess (>= 0.0.7)
      ffi (~> 0.6.3)
      json_pure
      rubyzip
    xpath (0.1.2)
      nokogiri (~> 1.3)

PLATFORMS
  ruby

DEPENDENCIES
  capybara!
  launchy
  rcov
  rr
  rspec
  steak!
